GEM
  remote: https://rubygems.org/
  specs:
    coderay (1.1.2)
    colorize (0.8.1)
    method_source (0.9.2)
    pry (0.12.2)
      coderay (~> 1.1.0)
      method_source (~> 0.9.0)
    require_all (2.0.0)
    sqlite3 (1.3.13-x64-mingw32)

PLATFORMS
  x64-mingw32

DEPENDENCIES
  colorize
  pry
  require_all
  sqlite3

BUNDLED WITH
   1.17.2
